GEM
  remote: https://rubygems.org/
  specs:
    tilt (2.0.1)

PLATFORMS
  ruby

DEPENDENCIES
  tilt
